GEM
  remote: https://rubygems.org/
  specs:
    chronic (0.10.2)
    mail (2.7.1)
      mini_mime (>= 0.1.1)
    mini_mime (1.0.2)
    rake (13.0.1)
    whenever (1.0.0)
      chronic (>= 0.6.3)

PLATFORMS
  ruby

DEPENDENCIES
  mail
  rake
  whenever

BUNDLED WITH
   2.1.2
